PATH
  remote: .
  specs:
    fluent-plugin-amqp (0.1.0)
      bunny (~> 1.1.0)
      fluentd (~> 0.10.0)

GEM
  remote: http://rubygems.org/
  specs:
    amq-protocol (1.9.2)
    bunny (1.1.2)
      amq-protocol (>= 1.9.2)
    cool.io (1.1.1)
      iobuffer (>= 1.0.0)
    fluentd (0.10.43)
      cool.io (~> 1.1.1)
      http_parser.rb (~> 0.5.1)
      json (>= 1.4.3)
      msgpack (>= 0.4.4, < 0.6.0, != 0.5.3, != 0.5.2, != 0.5.1, != 0.5.0)
      sigdump (~> 0.2.2)
      yajl-ruby (~> 1.0)
    http_parser.rb (0.5.3)
    iobuffer (1.1.2)
    json (1.8.1)
    msgpack (0.5.8)
    sigdump (0.2.2)
    yajl-ruby (1.2.0)

PLATFORMS
  ruby

DEPENDENCIES
  bundler (~> 1.3.0)
  fluent-plugin-amqp!
